PATH
  remote: .
  specs:
    project_releaser (0.0.5)
      colorize
      commander
      git

GEM
  remote: https://rubygems.org/
  specs:
    coderay (1.1.0)
    colorize (0.8.1)
    commander (4.4.0)
      highline (~> 1.7.2)
    diff-lcs (1.2.5)
    git (1.3.0)
    highline (1.7.8)
    method_source (0.8.2)
    pry (0.10.1)
      coderay (~> 1.1.0)
      method_source (~> 0.8.1)
      slop (~> 3.4)
    rake (10.4.2)
    rspec (3.2.0)
      rspec-core (~> 3.2.0)
      rspec-expectations (~> 3.2.0)
      rspec-mocks (~> 3.2.0)
    rspec-core (3.2.3)
      rspec-support (~> 3.2.0)
    rspec-expectations (3.2.1)
      diff-lcs (>= 1.2.0, < 2.0)
      rspec-support (~> 3.2.0)
    rspec-mocks (3.2.1)
      diff-lcs (>= 1.2.0, < 2.0)
      rspec-support (~> 3.2.0)
    rspec-support (3.2.2)
    slop (3.6.0)

PLATFORMS
  ruby

DEPENDENCIES
  bundler (~> 1.3)
  project_releaser!
  pry
  rake
  rspec

BUNDLED WITH
   1.12.5
