PATH
  remote: .
  specs:
    project_releaser (0.0.6)
      colorize
      commander
      git

GEM
  remote: https://rubygems.org/
  specs:
    addressable (2.8.1)
      public_suffix (>= 2.0.2, < 6.0)
    coderay (1.1.1)
    colorize (0.8.1)
    commander (4.4.3)
      highline (~> 1.7.2)
    diff-lcs (1.2.5)
    git (1.13.0)
      addressable (~> 2.8)
      rchardet (~> 1.8)
    highline (1.7.8)
    method_source (0.8.2)
    pry (0.10.4)
      coderay (~> 1.1.0)
      method_source (~> 0.8.1)
      slop (~> 3.4)
    public_suffix (5.0.1)
    rake (12.0.0)
    rchardet (1.8.0)
    rspec (3.5.0)
      rspec-core (~> 3.5.0)
      rspec-expectations (~> 3.5.0)
      rspec-mocks (~> 3.5.0)
    rspec-core (3.5.4)
      rspec-support (~> 3.5.0)
    rspec-expectations (3.5.0)
      diff-lcs (>= 1.2.0, < 2.0)
      rspec-support (~> 3.5.0)
    rspec-mocks (3.5.0)
      diff-lcs (>= 1.2.0, < 2.0)
      rspec-support (~> 3.5.0)
    rspec-support (3.5.0)
    slop (3.6.0)

PLATFORMS
  ruby

DEPENDENCIES
  bundler (~> 1.3)
  project_releaser!
  pry
  rake
  rspec

BUNDLED WITH
   1.12.5
